GEM
  remote: https://rubygems.org/
  specs:
    coderay (1.1.2)
    dotenv (2.7.5)
    faraday (0.17.1)
      multipart-post (>= 1.2, < 3)
    fitbit_api (0.9.0)
      oauth2 (~> 1.0)
    jwt (2.2.1)
    method_source (0.9.2)
    multi_json (1.14.1)
    multi_xml (0.6.0)
    multipart-post (2.1.1)
    mustermann (1.1.1)
      ruby2_keywords (~> 0.0.1)
    oauth2 (1.4.2)
      faraday (>= 0.8, < 2.0)
      jwt (>= 1.0, < 3.0)
      multi_json (~> 1.3)
      multi_xml (~> 0.5)
      rack (>= 1.2, < 3)
    pry (0.12.2)
      coderay (~> 1.1.0)
      method_source (~> 0.9.0)
    pry-doc (1.0.0)
      pry (~> 0.11)
      yard (~> 0.9.11)
    rack (2.2.3)
    rack-protection (2.2.0)
      rack
    ruby2_keywords (0.0.5)
    sinatra (2.2.0)
      mustermann (~> 1.0)
      rack (~> 2.2)
      rack-protection (= 2.2.0)
      tilt (~> 2.0)
    tilt (2.0.10)
    yard (0.9.20)

PLATFORMS
  ruby

DEPENDENCIES
  dotenv
  fitbit_api
  pry
  pry-doc
  sinatra

BUNDLED WITH
   2.0.2
