GEM
  remote: https://rubygems.org/
  specs:
    coderay (1.1.2)
    domain_name (0.5.20190701)
      unf (>= 0.0.5, < 1.0.0)
    dotenv (2.7.5)
    faraday (0.17.1)
      multipart-post (>= 1.2, < 3)
    fitbit_api (0.9.0)
      oauth2 (~> 1.0)
    hashie (3.6.0)
    http-accept (1.7.0)
    http-cookie (1.0.3)
      domain_name (~> 0.5)
    jwt (2.2.1)
    method_source (0.9.2)
    mime-types (3.3)
      mime-types-data (~> 3.2015)
    mime-types-data (3.2019.1009)
    multi_json (1.14.1)
    multi_xml (0.6.0)
    multipart-post (2.1.1)
    mustermann (1.0.3)
    netrc (0.11.0)
    oauth2 (1.4.2)
      faraday (>= 0.8, < 2.0)
      jwt (>= 1.0, < 3.0)
      multi_json (~> 1.3)
      multi_xml (~> 0.5)
      rack (>= 1.2, < 3)
    omniauth (1.9.0)
      hashie (>= 3.4.6, < 3.7.0)
      rack (>= 1.6.2, < 3)
    omniauth-fitbit-oauth2 (1.0.0)
      omniauth-oauth2 (~> 1.3)
    omniauth-oauth2 (1.6.0)
      oauth2 (~> 1.1)
      omniauth (~> 1.9)
    pry (0.12.2)
      coderay (~> 1.1.0)
      method_source (~> 0.9.0)
    pry-doc (1.0.0)
      pry (~> 0.11)
      yard (~> 0.9.11)
    rack (2.0.7)
    rack-protection (2.0.7)
      rack
    rest-client (2.1.0)
      http-accept (>= 1.7.0, < 2.0)
      http-cookie (>= 1.0.2, < 2.0)
      mime-types (>= 1.16, < 4.0)
      netrc (~> 0.8)
    sinatra (2.0.7)
      mustermann (~> 1.0)
      rack (~> 2.0)
      rack-protection (= 2.0.7)
      tilt (~> 2.0)
    tilt (2.0.10)
    unf (0.1.4)
      unf_ext
    unf_ext (0.0.7.6)
    yard (0.9.20)

PLATFORMS
  ruby

DEPENDENCIES
  dotenv
  fitbit_api
  multi_json
  omniauth
  omniauth-fitbit-oauth2
  omniauth-oauth2
  pry
  pry-doc
  rest-client
  sinatra

BUNDLED WITH
   2.0.2
